GEM
  remote: https://rubygems.org/
  specs:
    addressable (2.5.2)
      public_suffix (>= 2.0.2, < 4.0)
    elasticsearch (6.1.0)
      elasticsearch-api (= 6.1.0)
      elasticsearch-transport (= 6.1.0)
    elasticsearch-api (6.1.0)
      multi_json
    elasticsearch-transport (6.1.0)
      faraday
      multi_json
    faraday (0.4.6)
      addressable (>= 2.1.1)
      rack (>= 1.0.1)
    multi_json (1.13.1)
    public_suffix (3.0.3)
    rack (2.0.6)

PLATFORMS
  ruby

DEPENDENCIES
  elasticsearch (~> 6.1)

RUBY VERSION
   ruby 2.5.3p105

BUNDLED WITH
   1.17.3
